GEM
  remote: https://rubygems.org/
  specs:
    activesupport (3.1.3)
      multi_json (~> 1.0)
    chronic (0.6.6)
    i18n (0.6.0)
    json (1.6.2)
    multi_json (1.0.4)
    rufus-lru (1.0.3)
    rufus-rtm (0.1.3)
      rufus-verbs (>= 1.0.0)
    rufus-verbs (1.0.0)
      rufus-lru

PLATFORMS
  ruby

DEPENDENCIES
  activesupport (= 3.1.3)
  chronic (= 0.6.6)
  i18n (= 0.6.0)
  json (= 1.6.2)
  multi_json (= 1.0.4)
  rufus-lru (= 1.0.3)
  rufus-rtm (= 0.1.3)
  rufus-verbs (= 1.0.0)
